GEM
  remote: https://rubygems.org/
  specs:
    addressable (2.3.8)
    aws_cf_signer (0.1.3)
    backports (3.6.4)
    builder (3.2.2)
    cloudinary (1.1.0)
      aws_cf_signer
      rest-client
    data_objects (0.10.16)
      addressable (~> 2.1)
    dm-aggregates (1.2.0)
      dm-core (~> 1.2.0)
    dm-core (1.2.1)
      addressable (~> 2.3)
    dm-do-adapter (1.2.0)
      data_objects (~> 0.10.6)
      dm-core (~> 1.2.0)
    dm-migrations (1.2.0)
      dm-core (~> 1.2.0)
    dm-sqlite-adapter (1.2.0)
      dm-do-adapter (~> 1.2.0)
      do_sqlite3 (~> 0.10.6)
    dm-timestamps (1.2.0)
      dm-core (~> 1.2.0)
    dm-validations (1.2.0)
      dm-core (~> 1.2.0)
    do_sqlite3 (0.10.16-x86-mingw32)
      data_objects (= 0.10.16)
    domain_name (0.5.24)
      unf (>= 0.0.5, < 1.0.0)
    ffi (1.9.8-x86-mingw32)
    http-cookie (1.0.2)
      domain_name (~> 0.5)
    mime-types (2.6.1)
    multi_json (1.11.1)
    netrc (0.10.3)
    rack (1.6.4)
    rack-protection (1.5.3)
      rack
    rack-test (0.6.3)
      rack (>= 1.0)
    rest-client (1.8.0-x86-mingw32)
      ffi (~> 1.9)
      http-cookie (>= 1.0.2, < 2.0)
      mime-types (>= 1.16, < 3.0)
      netrc (~> 0.7)
    sinatra (1.4.6)
      rack (~> 1.4)
      rack-protection (~> 1.4)
      tilt (>= 1.3, < 3)
    sinatra-contrib (1.4.4)
      backports (>= 2.0)
      multi_json
      rack-protection
      rack-test
      sinatra (~> 1.4.0)
      tilt (>= 1.3, < 3)
    sinatra-flash (0.3.0)
      sinatra (>= 1.0.0)
    sinatra-reloader (1.0)
      sinatra-contrib
    sitemap_generator (5.0.5)
      builder
    slugify (1.0.6)
    sqlite3 (1.3.10-x86-mingw32)
    sqlite3-ruby (1.3.3)
      sqlite3 (>= 1.3.3)
    tilt (2.0.1)
    unf (0.1.4)
      unf_ext
    unf_ext (0.0.7.1-x86-mingw32)
    will_paginate (3.0.7)
    will_paginate-bootstrap (1.0.1)
      will_paginate (>= 3.0.3)

PLATFORMS
  x86-mingw32

DEPENDENCIES
  builder
  cloudinary
  dm-aggregates
  dm-core
  dm-migrations
  dm-sqlite-adapter
  dm-timestamps
  dm-validations
  do_sqlite3
  sinatra
  sinatra-flash
  sinatra-reloader
  sitemap_generator
  slugify
  sqlite3-ruby
  will_paginate
  will_paginate-bootstrap

BUNDLED WITH
   1.10.4
